GEM
  specs:
    rake (12.0.0)

PLATFORMS
  ruby

DEPENDENCIES
  rake

RUBY VERSION
   ruby 2.4.2p198

BUNDLED WITH
   1.17.3
